GEM
  remote: https://rubygems.org/
  specs:
    ast (2.4.2)
    bigdecimal (3.1.9)
    builder (3.3.0)
    coderay (1.1.3)
    concurrent-ruby (1.3.5)
    cucumber (9.2.1)
      builder (~> 3.2)
      cucumber-ci-environment (> 9, < 11)
      cucumber-core (> 13, < 14)
      cucumber-cucumber-expressions (~> 17.0)
      cucumber-gherkin (> 24, < 28)
      cucumber-html-formatter (> 20.3, < 22)
      cucumber-messages (> 19, < 25)
      diff-lcs (~> 1.5)
      mini_mime (~> 1.1)
      multi_test (~> 1.1)
      sys-uname (~> 1.2)
    cucumber-ci-environment (10.0.1)
    cucumber-core (13.0.3)
      cucumber-gherkin (>= 27, < 28)
      cucumber-messages (>= 20, < 23)
      cucumber-tag-expressions (> 5, < 7)
    cucumber-cucumber-expressions (17.1.0)
      bigdecimal
    cucumber-gherkin (27.0.0)
      cucumber-messages (>= 19.1.4, < 23)
    cucumber-html-formatter (21.9.0)
      cucumber-messages (> 19, < 28)
    cucumber-messages (22.0.0)
    cucumber-reports (0.0.1)
      parser (~> 3)
      thor (~> 1)
    cucumber-tag-expressions (6.1.2)
    data_magic (1.2)
      faker (>= 1.1.2)
      yml_reader (>= 0.6)
    diff-lcs (1.6.0)
    faker (3.5.1)
      i18n (>= 1.8.11, < 2)
    ffi (1.17.1-arm64-darwin)
    ffi (1.17.1-x86_64-darwin)
    i18n (1.14.7)
      concurrent-ruby (~> 1.0)
    json (2.10.1)
    method_source (1.1.0)
    mini_mime (1.1.5)
    multi_test (1.1.0)
    nokogiri (1.18.3-arm64-darwin)
      racc (~> 1.4)
    nokogiri (1.18.3-x86_64-darwin)
      racc (~> 1.4)
    page-object (2.3.1)
      page_navigation (>= 0.10)
      watir (>= 6.10.3)
    page_navigation (0.10)
      data_magic (>= 0.22)
    parser (3.3.7.1)
      ast (~> 2.4.1)
      racc
    pry (0.15.2)
      coderay (~> 1.1)
      method_source (~> 1.0)
    racc (1.8.1)
    regexp_parser (2.10.0)
    report_builder (1.9)
      json (>= 2.3.0)
    rexml (3.4.1)
    rspec (3.13.0)
      rspec-core (~> 3.13.0)
      rspec-expectations (~> 3.13.0)
      rspec-mocks (~> 3.13.0)
    rspec-core (3.13.3)
      rspec-support (~> 3.13.0)
    rspec-expectations (3.13.3)
      diff-lcs (>= 1.2.0, < 2.0)
      rspec-support (~> 3.13.0)
    rspec-mocks (3.13.2)
      diff-lcs (>= 1.2.0, < 2.0)
      rspec-support (~> 3.13.0)
    rspec-support (3.13.2)
    rubyzip (2.4.1)
    selenium-webdriver (4.10.0)
      rexml (~> 3.2, >= 3.2.5)
      rubyzip (>= 1.2.2, < 3.0)
      websocket (~> 1.0)
    sys-uname (1.3.1)
      ffi (~> 1.1)
    thor (1.3.2)
    watir (7.3.0)
      regexp_parser (>= 1.2, < 3)
      selenium-webdriver (~> 4.2)
    webdrivers (5.3.1)
      nokogiri (~> 1.6)
      rubyzip (>= 1.3.0)
      selenium-webdriver (~> 4.0, < 4.11)
    websocket (1.2.11)
    yml_reader (0.7)

PLATFORMS
  arm64-darwin
  x86_64-darwin

DEPENDENCIES
  cucumber
  cucumber-reports
  page-object
  pry
  report_builder (= 1.9)
  rspec
  watir
  webdrivers

BUNDLED WITH
   2.5.23
